GEM
  remote: http://rubygems.org/
  specs:
    activemodel (3.0.0)
      activesupport (= 3.0.0)
      builder (~> 2.1.2)
      i18n (~> 0.4.1)
    activerecord (3.0.0)
      activemodel (= 3.0.0)
      activesupport (= 3.0.0)
      arel (~> 1.0.0)
      tzinfo (~> 0.3.23)
    activesupport (3.0.0)
    arel (1.0.1)
      activesupport (~> 3.0.0)
    builder (2.1.2)
    eventful (1.0.0)
      methodphitamine
    i18n (0.4.1)
    methodphitamine (1.0.0)
    rspec (1.3.0)
    sqlite3-ruby (1.3.1)
    tzinfo (0.3.23)
    uuidtools (2.1.1)
    yajl-ruby (0.7.7)

PLATFORMS
  ruby

DEPENDENCIES
  activerecord (>= 3.0.0)
  activesupport (>= 3.0.0)
  eventful
  rspec
  sqlite3-ruby (~> 1.3.1)
  uuidtools
  yajl-ruby
